PATH
  remote: .
  specs:
    bourbon (4.0.0.rc1)
      sass (~> 3.3)
      thor

GEM
  remote: http://rubygems.org/
  specs:
    addressable (2.3.6)
    aruba (0.4.11)
      childprocess (>= 0.2.3)
      cucumber (>= 1.1.1)
      ffi (>= 1.0.11)
      rspec (>= 2.7.0)
    builder (3.0.0)
    childprocess (0.3.1)
      ffi (~> 1.0.6)
    css_parser (1.3.5)
      addressable
    cucumber (1.1.9)
      builder (>= 2.1.2)
      diff-lcs (>= 1.1.2)
      gherkin (~> 2.9.0)
      json (>= 1.4.6)
      term-ansicolor (>= 1.0.6)
    diff-lcs (1.2.5)
    ffi (1.0.11)
    gherkin (2.9.0)
      json (>= 1.4.6)
    json (1.6.5)
    rake (0.9.2.2)
    rspec (2.14.1)
      rspec-core (~> 2.14.0)
      rspec-expectations (~> 2.14.0)
      rspec-mocks (~> 2.14.0)
    rspec-core (2.14.8)
    rspec-expectations (2.14.5)
      diff-lcs (>= 1.1.3, < 2.0)
    rspec-mocks (2.14.6)
    sass (3.3.4)
    term-ansicolor (1.0.7)
    thor (0.18.1)

PLATFORMS
  ruby

DEPENDENCIES
  aruba (~> 0.4)
  bourbon!
  css_parser
  rake
  rspec (~> 2.14.1)
